PATH
  remote: .
  specs:
    git-media (0.1.4)
      right_aws
      ruby-atmos-pure
      s3
      trollop

GEM
  remote: http://rubygems.org/
  specs:
    diff-lcs (1.1.3)
    git (1.2.5)
    jeweler (1.8.4)
      bundler (~> 1.0)
      git (>= 1.2.5)
      rake
      rdoc
    json (1.7.5)
    log4r (1.1.10)
    proxies (0.2.1)
    rake (0.9.2.2)
    rdoc (3.12)
      json (~> 1.4)
    right_aws (3.0.4)
      right_http_connection (>= 1.2.5)
    right_http_connection (1.3.0)
    rspec (2.11.0)
      rspec-core (~> 2.11.0)
      rspec-expectations (~> 2.11.0)
      rspec-mocks (~> 2.11.0)
    rspec-core (2.11.1)
    rspec-expectations (2.11.3)
      diff-lcs (~> 1.1.3)
    rspec-mocks (2.11.3)
    ruby-atmos-pure (1.0.5)
      log4r (>= 1.1.9)
      ruby-hmac (>= 0.4.0)
    ruby-hmac (0.4.0)
    s3 (0.3.11)
      proxies (~> 0.2.0)
    trollop (2.0)

PLATFORMS
  ruby

DEPENDENCIES
  git-media!
  jeweler
  rspec
